GIT
  remote: git://github.com/kml/jruby-hornetq.git
  revision: 7cb0e7015cc9ff69a80301206a0acb4a4bde829b
  branch: hornetq-2.2.21.final
  specs:
    jruby-hornetq (0.4.0)
      gene_pool (~> 1.3.0)

GIT
  remote: git://github.com/kml/quartz-jruby.git
  revision: 723be2899641d6f47d1de3d83094e0917310f8bd
  branch: tigron
  specs:
    quartz-jruby (0.2.2)

PATH
  remote: .
  specs:
    tigron (0.0.1.pre1)
      activesupport
      gene_pool
      jmx
      jruby-hornetq
      puma (~> 2.5.1)
      quartz-jruby
      torquebox-core (~> 2.3.2)
      torquebox-messaging (~> 2.3.2)

GEM
  remote: https://rubygems.org/
  specs:
    activesupport (4.0.0)
      i18n (~> 0.6, >= 0.6.4)
      minitest (~> 4.2)
      multi_json (~> 1.3)
      thread_safe (~> 0.1)
      tzinfo (~> 0.3.37)
    atomic (1.1.13-java)
    blankslate (2.1.2.4)
    edn (1.0.0)
      parslet (~> 1.4.0)
    gene_pool (1.3.0)
    i18n (0.6.5)
    jmx (0.9)
    minitest (4.7.5)
    multi_json (1.8.0)
    parslet (1.4.0)
      blankslate (~> 2.0)
    puma (2.5.1-java)
      rack (>= 1.1, < 2.0)
    rack (1.5.2)
    rake (10.1.0)
    thread_safe (0.1.2-java)
      atomic
    torquebox-core (2.3.2-java)
    torquebox-messaging (2.3.2-java)
      edn (= 1.0.0)
      torquebox-core (= 2.3.2)
      torquebox-transactions (= 2.3.2)
    torquebox-transactions (2.3.2)
      torquebox-core (= 2.3.2)
    tzinfo (0.3.37)

PLATFORMS
  java

DEPENDENCIES
  bundler (~> 1.3)
  jruby-hornetq!
  quartz-jruby!
  rake
  tigron!
