GIT
  remote: git://github.com/kml/jruby-hornetq.git
  revision: 7cb0e7015cc9ff69a80301206a0acb4a4bde829b
  branch: hornetq-2.2.21.final
  specs:
    jruby-hornetq (0.4.0)
      gene_pool (~> 1.3.0)

GIT
  remote: git://github.com/kml/quartz-jruby.git
  revision: 9646fa6d21e624ab2e299ddefa3959b8790ba2e9
  branch: tigron
  specs:
    quartz-jruby (0.2.2)

PATH
  remote: .
  specs:
    tigron (0.0.1.pre)
      activesupport (~> 3.2.1)
      backports (= 3.3.0)
      gene_pool
      jmx
      jruby-hornetq
      puma (~> 2.5)
      quartz-jruby
      torquebox-core (~> 2.3.2)
      torquebox-messaging (~> 2.3.2)

GEM
  remote: https://rubygems.org/
  specs:
    activesupport (3.2.17)
      i18n (~> 0.6, >= 0.6.4)
      multi_json (~> 1.0)
    backports (3.3.0)
    blankslate (2.1.2.4)
    edn (1.0.0)
      parslet (~> 1.4.0)
    gene_pool (1.3.0)
    i18n (0.6.9)
    jmx (0.9)
    multi_json (1.9.2)
    parslet (1.4.0)
      blankslate (~> 2.0)
    puma (2.8.2-java)
      rack (>= 1.1, < 2.0)
    rack (1.5.2)
    rake (10.1.0)
    torquebox-core (2.3.2-java)
    torquebox-messaging (2.3.2-java)
      edn (= 1.0.0)
      torquebox-core (= 2.3.2)
      torquebox-transactions (= 2.3.2)
    torquebox-transactions (2.3.2)
      torquebox-core (= 2.3.2)

PLATFORMS
  java

DEPENDENCIES
  bundler (~> 1.3)
  jruby-hornetq!
  quartz-jruby!
  rake
  tigron!
